GEM
  remote: https://rubygems.org/
  specs:
    concurrent-ruby (1.0.4)
    connection_pool (2.2.1)
    rack (2.0.7)
    rack-protection (1.5.5)
      rack
    redis (3.3.2)
    seg (1.2.0)
    sidekiq (4.2.9)
      concurrent-ruby (~> 1.0)
      connection_pool (~> 2.2, >= 2.2.0)
      rack-protection (>= 1.5.0)
      redis (~> 3.2, >= 3.2.1)
    syro (3.1.1)
      rack (>= 1.6.0)
      seg

PLATFORMS
  ruby

DEPENDENCIES
  sidekiq
  syro

RUBY VERSION
   ruby 2.5.3p105

BUNDLED WITH
   1.17.2
